PATH
  remote: .
  specs:
    cucumba (0.0.6)

GEM
  remote: http://rubygems.org/
  specs:
    actionmailer (2.3.8)
      actionpack (= 2.3.8)
    actionpack (2.3.8)
      activesupport (= 2.3.8)
      rack (~> 1.1.0)
    activerecord (2.3.8)
      activesupport (= 2.3.8)
    activeresource (2.3.8)
      activesupport (= 2.3.8)
    activesupport (2.3.8)
    bluecloth (2.0.9)
    rack (1.1.0)
    rails (2.3.8)
      actionmailer (= 2.3.8)
      actionpack (= 2.3.8)
      activerecord (= 2.3.8)
      activeresource (= 2.3.8)
      activesupport (= 2.3.8)
      rake (>= 0.8.3)
    rake (0.8.7)
    rspec (1.3.0)
    sqlite3-ruby (1.3.1)
    yard (0.6.1)

PLATFORMS
  ruby

DEPENDENCIES
  bluecloth
  cucumba!
  rails (= 2.3.8)
  rake (= 0.8.7)
  rspec (= 1.3.0)
  sqlite3-ruby (= 1.3.1)
  yard (>= 0.6.1)
